PATH
  remote: ../verus-gem
  specs:
    verus-gem (0.0.1)

GEM
  remote: https://rubygems.org/
  specs:
    ffi (1.13.1)
    rack (1.6.13)
    rack-protection (1.5.5)
      rack
    sinatra (1.4.8)
      rack (~> 1.5)
      rack-protection (~> 1.4)
      tilt (>= 1.3, < 3)
    sinatra-cors (1.1.0)
    tilt (2.0.10)

PLATFORMS
  ruby

DEPENDENCIES
  ffi (~> 1.9, >= 1.9.10)!
  sinatra (~> 1.4, >= 1.4.7)!
  sinatra-cors (~> 1.1)!
  verus-gem!

BUNDLED WITH
   1.17.2
