GEM
  remote: https://rubygems.org/
  specs:
    ffi (1.13.1)

PLATFORMS
  ruby

DEPENDENCIES
  ffi (~> 1.9, >= 1.9.10)!

BUNDLED WITH
   2.1.4
